PATH
  remote: ../../
  specs:
    prism_qa (0.2.0)
      markaby (~> 0.8, >= 0.8.0)

GEM
  remote: https://rubygems.org/
  specs:
    builder (3.2.2)
    markaby (0.8.0)
      builder

PLATFORMS
  ruby

DEPENDENCIES
  prism_qa!
